GEM
  remote: https://rubygems.org/
  specs:
    coderay (1.1.1)
    excon (0.59.0)
    method_source (0.8.2)
    pry (0.10.4)
      coderay (~> 1.1.0)
      method_source (~> 0.8.1)
      slop (~> 3.4)
    slop (3.6.0)

PLATFORMS
  ruby

DEPENDENCIES
  excon
  pry

RUBY VERSION
   ruby 2.1.5p273

BUNDLED WITH
   1.15.4
